GEM
  remote: http://rubygems.org/
  specs:
    chunky_png (0.10.5)
    compass (0.11.alpha.4)
      chunky_png (~> 0.10.3)
      sass (>= 3.1.0.alpha.50)
    html5-boilerplate (0.2.6)
      compass (>= 0.10.0)
    sass (3.1.0.alpha.214)

PLATFORMS
  ruby

DEPENDENCIES
  compass (= 0.11.alpha.4)
  html5-boilerplate (~> 0.2.6)
