GEM
  remote: http://rubygems.org/
  specs:
    chunky_png (0.10.5)
    compass (0.11.alpha.4)
      chunky_png (~> 0.10.3)
      sass (>= 3.1.0.alpha.50)
    html5-boilerplate (0.2.6)
      compass (>= 0.10.0)
    json (1.4.6)
    sass (3.1.0.alpha.214)
    shoutbox-client (0.0.4)
      json (~> 1.4.0)
      trollop (~> 1.16)
    trollop (1.16.2)

PLATFORMS
  ruby

DEPENDENCIES
  compass (= 0.11.alpha.4)
  html5-boilerplate (~> 0.2.6)
  shoutbox-client (= 0.0.4)
